GEM
  remote: http://rubygems.org/
  specs:
    minitest (4.7.5)
    rake (10.1.0)

PLATFORMS
  ruby

DEPENDENCIES
  minitest (~> 4.0)
  rake (= 10.1.0)
